GEM
  remote: https://rubygems.org/
  specs:
    activemodel (7.1.0)
      activesupport (= 7.1.0)
    activerecord (7.1.0)
      activemodel (= 7.1.0)
      activesupport (= 7.1.0)
      timeout (>= 0.4.0)
    activesupport (7.1.0)
      base64
      bigdecimal
      concurrent-ruby (~> 1.0, >= 1.0.2)
      connection_pool (>= 2.2.5)
      drb
      i18n (>= 1.6, < 2)
      minitest (>= 5.1)
      mutex_m
      tzinfo (~> 2.0)
    backports (3.24.1)
    base64 (0.1.1)
    bigdecimal (3.1.4)
    concurrent-ruby (1.2.2)
    connection_pool (2.4.1)
    drb (2.1.1)
      ruby2_keywords
    i18n (1.14.1)
      concurrent-ruby (~> 1.0)
    minitest (5.20.0)
    multi_json (1.15.0)
    mustermann (1.1.1)
      ruby2_keywords (~> 0.0.1)
    mutex_m (0.1.2)
    rack (2.2.3)
    rack-protection (2.0.8.1)
      rack
    rake (13.0.1)
    ruby2_keywords (0.0.2)
    sinatra (2.0.8.1)
      mustermann (~> 1.0)
      rack (~> 2.0)
      rack-protection (= 2.0.8.1)
      tilt (~> 2.0)
    sinatra-activerecord (2.0.18)
      activerecord (>= 4.1)
      sinatra (>= 1.0)
    sinatra-contrib (2.0.8.1)
      backports (>= 2.8.2)
      multi_json
      mustermann (~> 1.0)
      rack-protection (= 2.0.8.1)
      sinatra (= 2.0.8.1)
      tilt (~> 2.0)
    sinatra-flash (0.3.0)
      sinatra (>= 1.0.0)
    sqlite3 (1.4.2)
    tilt (2.0.10)
    timeout (0.4.0)
    tzinfo (2.0.6)
      concurrent-ruby (~> 1.0)

PLATFORMS
  ruby

DEPENDENCIES
  activerecord (>= 6.0.3.3)
  activesupport
  bundler
  rake
  sinatra-activerecord
  sinatra-contrib
  sinatra-flash
  sqlite3

BUNDLED WITH
   2.1.4
